GEM
  remote: http://rubygems.org/
  specs:
    chingu (0.9rc7)
      gosu (>= 0.7.33)
      gosu (>= 0.7.33)
    chipmunk (5.3.4.5)
    clipboard (0.9.9)
    configuration (1.3.1)
    ffi (1.0.9)
    fidgit (0.1.10)
      chingu (~> 0.9rc7)
      clipboard (~> 0.9.9)
      ffi (= 1.0.9)
      gosu (~> 0.7.33)
    gosu (0.7.41)
    launchy (0.3.7)
      configuration (>= 0.0.5)
      rake (>= 0.8.1)
    open_gem (1.4.2)
      launchy (~> 0.3.5)
    rake (0.9.2.2)

PLATFORMS
  ruby

DEPENDENCIES
  chingu
  chipmunk
  fidgit
  open_gem
